GEM
  remote: https://rubygems.org/
  specs:
    mini_portile2 (2.5.0)
    minitest (5.14.2)
    nokogiri (1.11.0)
      mini_portile2 (~> 2.5.0)
      racc (~> 1.4)
    racc (1.5.2)
    rake (13.0.3)

PLATFORMS
  ruby

DEPENDENCIES
  minitest
  nokogiri
  rake

BUNDLED WITH
   2.1.4
