GEM
  remote: https://rubygems.org/
  specs:
    mini_portile2 (2.4.0)
    minitest (5.11.3)
    nokogiri (1.10.3)
      mini_portile2 (~> 2.4.0)
    rake (12.3.2)

PLATFORMS
  ruby

DEPENDENCIES
  minitest
  nokogiri
  rake

BUNDLED WITH
   1.16.2
