GEM
  remote: https://rubygems.org/
  specs:
    mini_portile2 (2.3.0)
    minitest (5.11.3)
    nokogiri (1.8.5)
      mini_portile2 (~> 2.3.0)
    rake (12.3.1)

PLATFORMS
  ruby

DEPENDENCIES
  minitest
  nokogiri
  rake

BUNDLED WITH
   1.16.2
